GEM
  remote: https://rubygems.org/
  specs:
    print_r (1.5.0)

PLATFORMS
  ruby

DEPENDENCIES
  print_r
